GEM
  remote: https://rubygems.org/
  specs:
    rake (10.0.3)
    test-unit (2.5.2)

PLATFORMS
  ruby

DEPENDENCIES
  rake
  test-unit (= 2.5.2)
